GEM
  remote: https://rubygems.org/
  specs:
    rsec (0.4)

PLATFORMS
  ruby

DEPENDENCIES
  rsec
